GEM
  remote: https://rubygems.org/
  specs:
    cnpj_utils (1.2.0)
    concurrent-ruby (1.1.5)
    cpf_utils (1.3.1)
    documentos_br (1.1.0)
      cnpj_utils (~> 1.2.0)
      cpf_utils (~> 1.3.0)
      titulo_eleitor_utils (~> 1.1.0)
    faker (2.1.2)
      i18n (>= 0.8)
    i18n (1.6.0)
      concurrent-ruby (~> 1.0)
    lerolero_generator (1.0.1)
    titulo_eleitor_utils (1.1.0)

PLATFORMS
  ruby

DEPENDENCIES
  cpf_utils
  documentos_br
  faker
  lerolero_generator

BUNDLED WITH
   1.16.1
